PATH
  remote: .
  specs:
    kiik-api (0.1.8)
      activesupport (~> 4.1)
      bundler (~> 1.0)
      factory_girl (~> 4.0)
      fakeweb (~> 1.3)
      faraday (~> 0.9)
      hashie (~> 3.3)
      i18n (~> 0.7)
      json (~> 1.8)
      multi_json (~> 1.3)
      multi_xml (~> 0.5)
      rack (~> 1.5)
      rake (~> 10.4)
      rdoc (~> 4.0)
      rspec (~> 3.0)
      simplecov (~> 0.9)

GEM
  remote: https://rubygems.org/
  specs:
    activesupport (4.2.0)
      i18n (~> 0.7)
      json (~> 1.7, >= 1.7.7)
      minitest (~> 5.1)
      thread_safe (~> 0.3, >= 0.3.4)
      tzinfo (~> 1.1)
    diff-lcs (1.2.5)
    docile (1.1.5)
    factory_girl (4.5.0)
      activesupport (>= 3.0.0)
    fakeweb (1.3.0)
    faraday (0.9.1)
      multipart-post (>= 1.2, < 3)
    hashie (3.4.0)
    i18n (0.7.0)
    json (1.8.2)
    minitest (5.5.1)
    multi_json (1.10.1)
    multi_xml (0.5.5)
    multipart-post (2.0.0)
    rack (1.6.0)
    rake (10.4.2)
    rdoc (4.2.0)
      json (~> 1.4)
    rspec (3.2.0)
      rspec-core (~> 3.2.0)
      rspec-expectations (~> 3.2.0)
      rspec-mocks (~> 3.2.0)
    rspec-core (3.2.1)
      rspec-support (~> 3.2.0)
    rspec-expectations (3.2.0)
      diff-lcs (>= 1.2.0, < 2.0)
      rspec-support (~> 3.2.0)
    rspec-mocks (3.2.1)
      diff-lcs (>= 1.2.0, < 2.0)
      rspec-support (~> 3.2.0)
    rspec-support (3.2.2)
    simplecov (0.9.2)
      docile (~> 1.1.0)
      multi_json (~> 1.0)
      simplecov-html (~> 0.9.0)
    simplecov-html (0.9.0)
    thread_safe (0.3.4)
    tzinfo (1.2.2)
      thread_safe (~> 0.1)

PLATFORMS
  ruby

DEPENDENCIES
  kiik-api!
